GEM
  remote: https://rubygems.org/
  specs:
    power_assert (2.0.3)
    rake (13.1.0)
    test-unit (3.6.2)
      power_assert

PLATFORMS
  arm-linux
  arm64-darwin-22
  ruby
  x86_64-linux

DEPENDENCIES
  rake
  test-unit

BUNDLED WITH
   2.4.14
